GIT
  remote: https://github.com/collectiveidea/delayed_job_data_mapper.git
  revision: 47c9ca5e59eb951cd5052e9764daa89956216905
  specs:
    delayed_job_data_mapper (1.0.0.rc)
      delayed_job (~> 3.0)
      dm-core (~> 1.0)
      i18n
      tzinfo

GIT
  remote: https://github.com/waelchatila/dm-accepts_nested_attributes.git
  revision: d5b5a5846337c428f6a033688b11a81b1fc01726
  specs:
    dm-accepts_nested_attributes (1.2.0)
      dm-core (~> 1.2.0, < 1.3)

GEM
  remote: https://vertical:g3m4cc3ss@gems.verticallabs.ca/
  remote: http://rubygems.org/
  specs:
    actionmailer (3.2.3)
      actionpack (= 3.2.3)
      mail (~> 2.4.4)
    actionpack (3.2.3)
      activemodel (= 3.2.3)
      activesupport (= 3.2.3)
      builder (~> 3.0.0)
      erubis (~> 2.7.0)
      journey (~> 1.0.1)
      rack (~> 1.4.0)
      rack-cache (~> 1.2)
      rack-test (~> 0.6.1)
      sprockets (~> 2.1.2)
    activemodel (3.2.3)
      activesupport (= 3.2.3)
      builder (~> 3.0.0)
    activerecord (3.2.3)
      activemodel (= 3.2.3)
      activesupport (= 3.2.3)
      arel (~> 3.0.2)
      tzinfo (~> 0.3.29)
    activeresource (3.2.3)
      activemodel (= 3.2.3)
      activesupport (= 3.2.3)
    activesupport (3.2.3)
      i18n (~> 0.6)
      multi_json (~> 1.0)
    addressable (2.2.8)
    arel (3.0.2)
    bcrypt-ruby (3.0.1)
    builder (3.0.0)
    capistrano (2.12.0)
      highline
      net-scp (>= 1.0.0)
      net-sftp (>= 2.0.0)
      net-ssh (>= 2.0.14)
      net-ssh-gateway (>= 1.1.0)
    chronic (0.6.7)
    chunky_png (1.2.5)
    coffee-rails (3.2.2)
      coffee-script (>= 2.2.0)
      railties (~> 3.2.0)
    coffee-script (2.2.0)
      coffee-script-source
      execjs
    coffee-script-source (1.3.3)
    compass (0.12.1)
      chunky_png (~> 1.2)
      fssm (>= 0.2.7)
      sass (~> 3.1)
    compass-rails (1.0.1)
      compass (~> 0.12.0)
    daemons (1.1.8)
    data_objects (0.10.8)
      addressable (~> 2.1)
    database_cleaner (0.7.2)
    delayed_job (3.0.3)
      activesupport (~> 3.0)
    diff-lcs (1.1.3)
    dm-active_model (1.2.1)
      activemodel (~> 3.0)
      dm-core (~> 1.2.0)
    dm-aggregates (1.2.0)
      dm-core (~> 1.2.0)
    dm-constraints (1.2.0)
      dm-core (~> 1.2.0)
    dm-core (1.2.0)
      addressable (~> 2.2.6)
    dm-do-adapter (1.2.0)
      data_objects (~> 0.10.6)
      dm-core (~> 1.2.0)
    dm-migrations (1.2.0)
      dm-core (~> 1.2.0)
    dm-mysql-adapter (1.2.0)
      dm-do-adapter (~> 1.2.0)
      do_mysql (~> 0.10.6)
    dm-observer (1.2.0)
      dm-core (~> 1.2.0)
    dm-pager (1.1.0)
      dm-aggregates (>= 0.10.1)
      dm-core (>= 0.10.1)
    dm-rails (1.2.1)
      actionpack (~> 3.0)
      dm-active_model (~> 1.2.0)
      dm-core (~> 1.2.0)
      railties (~> 3.0)
    dm-serializer (1.2.1)
      dm-core (~> 1.2.0)
      fastercsv (~> 1.5.4)
      json (~> 1.6.1)
      json_pure (~> 1.6.1)
      multi_json (~> 1.0.3)
    dm-timestamps (1.2.0)
      dm-core (~> 1.2.0)
    dm-transactions (1.2.0)
      dm-core (~> 1.2.0)
    dm-types (1.2.1)
      bcrypt-ruby (~> 3.0.0)
      dm-core (~> 1.2.0)
      fastercsv (~> 1.5.4)
      json (~> 1.6.1)
      multi_json (~> 1.0.3)
      stringex (~> 1.3.0)
      uuidtools (~> 2.1.2)
    dm-validations (1.2.0)
      dm-core (~> 1.2.0)
    do_mysql (0.10.8)
      data_objects (= 0.10.8)
    erubis (2.7.0)
    eventmachine (0.12.10)
    exception_notification (2.6.1)
      actionmailer (>= 3.0.4)
    execjs (1.4.0)
      multi_json (~> 1.0)
    factory_girl (3.3.0)
      activesupport (>= 3.0.0)
    factory_girl_rails (3.3.0)
      factory_girl (~> 3.3.0)
      railties (>= 3.0.0)
    fastercsv (1.5.5)
    fssm (0.2.9)
    god (0.12.1)
    haml (3.1.6)
    haml-rails (0.3.4)
      actionpack (~> 3.0)
      activesupport (~> 3.0)
      haml (~> 3.0)
      railties (~> 3.0)
    highline (1.6.12)
    hike (1.2.1)
    httparty (0.8.3)
      multi_json (~> 1.0)
      multi_xml
    i18n (0.6.0)
    journey (1.0.3)
    jquery-rails (2.0.2)
      railties (>= 3.2.0, < 5.0)
      thor (~> 0.14)
    json (1.6.7)
    json_pure (1.6.7)
    jwt (0.1.4)
      json (>= 1.2.4)
    kgio (2.7.4)
    libv8 (3.3.10.4)
    mail (2.4.4)
      i18n (>= 0.4.0)
      mime-types (~> 1.16)
      treetop (~> 1.4.8)
    mambo-authentication (0.0.6)
      dm-accepts_nested_attributes
      dm-constraints (~> 1.2)
      dm-pager
      dm-rails (~> 1.2)
      dm-timestamps (~> 1.2)
      dm-transactions (~> 1.2)
      dm-types (~> 1.2)
      dm-validations (~> 1.2)
      haml-rails
      rails (~> 3.1)
    mambo-messaging (0.0.5)
      mambo-sms
    mambo-sms (0.0.12)
      dm-constraints (~> 1.2)
      dm-migrations (~> 1.2)
      dm-pager
      dm-rails (~> 1.2)
      dm-timestamps (~> 1.2)
      dm-transactions (~> 1.2)
      dm-types (~> 1.2)
      dm-validations (~> 1.2)
      haml
      haml-rails
      mambo-authentication
      rails (~> 3.1)
    mambo-twilio_adapter (0.0.12)
      mambo-sms
      rails (~> 3.1)
      twilio-rb
    mime-types (1.18)
    multi_json (1.0.4)
    multi_xml (0.5.1)
    net-scp (1.0.4)
      net-ssh (>= 1.99.1)
    net-sftp (2.0.5)
      net-ssh (>= 2.0.9)
    net-ssh (2.5.2)
    net-ssh-gateway (1.1.0)
      net-ssh (>= 1.99.1)
    polyglot (0.3.3)
    rack (1.4.1)
    rack-cache (1.2)
      rack (>= 0.4)
    rack-ssl (1.3.2)
      rack
    rack-test (0.6.1)
      rack (>= 1.0)
    rails (3.2.3)
      actionmailer (= 3.2.3)
      actionpack (= 3.2.3)
      activerecord (= 3.2.3)
      activeresource (= 3.2.3)
      activesupport (= 3.2.3)
      bundler (~> 1.0)
      railties (= 3.2.3)
    railties (3.2.3)
      actionpack (= 3.2.3)
      activesupport (= 3.2.3)
      rack-ssl (~> 1.3.2)
      rake (>= 0.8.7)
      rdoc (~> 3.4)
      thor (~> 0.14.6)
    raindrops (0.9.0)
    rake (0.9.2.2)
    rdoc (3.12)
      json (~> 1.4)
    recursive-open-struct (0.2.1)
    rspec (2.10.0)
      rspec-core (~> 2.10.0)
      rspec-expectations (~> 2.10.0)
      rspec-mocks (~> 2.10.0)
    rspec-core (2.10.1)
    rspec-expectations (2.10.0)
      diff-lcs (~> 1.1.3)
    rspec-mocks (2.10.1)
    rspec-rails (2.10.1)
      actionpack (>= 3.0)
      activesupport (>= 3.0)
      railties (>= 3.0)
      rspec (~> 2.10.0)
    sass (3.1.19)
    sass-rails (3.2.5)
      railties (~> 3.2.0)
      sass (>= 3.1.10)
      tilt (~> 1.3)
    sprockets (2.1.3)
      hike (~> 1.2)
      rack (~> 1.0)
      tilt (~> 1.1, != 1.3.0)
    stringex (1.3.3)
    therubyracer (0.10.1)
      libv8 (~> 3.3.10)
    thin (1.3.1)
      daemons (>= 1.0.9)
      eventmachine (>= 0.12.6)
      rack (>= 1.0.0)
    thor (0.14.6)
    tilt (1.3.3)
    treetop (1.4.10)
      polyglot
      polyglot (>= 0.3.1)
    twilio-rb (2.2.0)
      activesupport (>= 3.0.0)
      builder (>= 2.1.2)
      httparty (>= 0.6.1)
      i18n (~> 0.5)
      jwt (>= 0.1.3)
    tzinfo (0.3.33)
    uglifier (1.2.4)
      execjs (>= 0.3.0)
      multi_json (>= 1.0.2)
    unicorn (4.3.1)
      kgio (~> 2.6)
      rack
      raindrops (~> 0.7)
    uuidtools (2.1.2)
    vertical-feedbacker (0.0.2)
      rails (~> 3.2)
    whenever (0.7.3)
      activesupport (>= 2.3.4)
      chronic (~> 0.6.3)

PLATFORMS
  ruby

DEPENDENCIES
  capistrano
  coffee-rails
  compass-rails
  database_cleaner
  delayed_job
  delayed_job_data_mapper (= 1.0.0.rc)!
  dm-accepts_nested_attributes!
  dm-aggregates (~> 1.2)
  dm-constraints (~> 1.2)
  dm-migrations (~> 1.2)
  dm-mysql-adapter (~> 1.2)
  dm-observer (~> 1.2)
  dm-pager
  dm-rails (~> 1.2)
  dm-serializer (~> 1.2)
  dm-timestamps (~> 1.2)
  dm-transactions (~> 1.2)
  dm-types (~> 1.2)
  dm-validations (~> 1.2)
  exception_notification
  execjs
  factory_girl_rails
  god
  haml-rails
  jquery-rails
  mambo-authentication (= 0.0.6)
  mambo-messaging (= 0.0.5)
  mambo-sms (= 0.0.12)
  mambo-twilio_adapter (= 0.0.12)
  rails (~> 3.2)
  recursive-open-struct
  rspec-rails
  sass-rails
  therubyracer
  thin
  uglifier
  unicorn
  vertical-feedbacker (= 0.0.2)
  whenever
